GEM
  remote: https://rubygems.org/
  specs:
    GraphUtils (0.0.0)

PLATFORMS
  ruby

DEPENDENCIES
  GraphUtils (= 0.0.0)
